PATH
  remote: .
  specs:
    kbs (0.2.0)
      sqlite3 (~> 1.6)

GEM
  remote: https://rubygems.org/
  specs:
    connection_pool (2.5.4)
    date (3.4.1)
    docile (1.4.1)
    erb (5.0.3)
    io-console (0.8.1)
    irb (1.15.2)
      pp (>= 0.6.0)
      rdoc (>= 4.0.0)
      reline (>= 0.4.2)
    mini_portile2 (2.8.9)
    minitest (5.26.0)
    pp (0.6.3)
      prettyprint
    prettyprint (0.2.0)
    psych (5.2.6)
      date
      stringio
    rake (13.3.0)
    rdoc (6.15.0)
      erb
      psych (>= 4.0.0)
      tsort
    redis (5.4.1)
      redis-client (>= 0.22.0)
    redis-client (0.26.1)
      connection_pool
    reline (0.6.2)
      io-console (~> 0.5)
    simplecov (0.22.0)
      docile (~> 1.1)
      simplecov-html (~> 0.11)
      simplecov_json_formatter (~> 0.1)
    simplecov-html (0.13.2)
    simplecov_json_formatter (0.1.4)
    sqlite3 (1.7.3)
      mini_portile2 (~> 2.8.0)
    stringio (3.1.7)
    tsort (0.2.0)

PLATFORMS
  arm64-darwin-25
  ruby

DEPENDENCIES
  irb
  kbs!
  minitest (~> 5.16)
  rake (~> 13.0)
  redis (~> 5.0)
  simplecov (~> 0.22)

BUNDLED WITH
   2.7.2
